GEM
  remote: http://rubygems.org/
  specs:
    activesupport (3.0.11)
    addressable (2.2.6)
    allison (2.0.3)
    crack (0.3.1)
    curb (0.7.16)
    echoe (4.6.3)
      allison (>= 2.0.3)
      gemcutter (>= 0.7.0)
      rake (>= 0.9.2)
      rdoc (>= 3.6.1)
      rubyforge (>= 2.0.4)
    gemcutter (0.7.1)
    i18n (0.6.0)
    json (1.6.3)
    json_pure (1.6.3)
    nokogiri (1.5.0)
    rake (0.9.2.2)
    rdoc (3.12)
      json (~> 1.4)
    rubyforge (2.0.4)
      json_pure (>= 1.1.7)
    webmock (1.7.8)
      addressable (~> 2.2, > 2.2.5)
      crack (>= 0.1.7)
    yard (0.7.4)

PLATFORMS
  ruby

DEPENDENCIES
  activesupport (= 3.0.11)
  curb (~> 0.7)
  echoe (~> 4.6)
  i18n
  nokogiri (~> 1.5)
  webmock (~> 1.7)
  yard (~> 0.7)
